GEM
  remote: https://rubygems.org/
  specs:
    ast (2.4.0)
    byebug (11.0.1)
    docile (1.1.5)
    jaro_winkler (1.5.4)
    json (2.3.0)
    parallel (1.19.1)
    parser (2.7.0.2)
      ast (~> 2.4.0)
    psych (3.1.0)
    rainbow (3.0.0)
    rspec-json_expectations (2.2.0)
    rubocop (0.66.0)
      jaro_winkler (~> 1.5.1)
      parallel (~> 1.10)
      parser (>= 2.5, != 2.5.1.1)
      psych (>= 3.1.0)
      rainbow (>= 2.2.2, < 4.0)
      ruby-progressbar (~> 1.7)
      unicode-display_width (>= 1.4.0, < 1.6)
    ruby-progressbar (1.10.1)
    simplecov (0.12.0)
      docile (~> 1.1.0)
      json (>= 1.8, < 3)
      simplecov-html (~> 0.10.0)
    simplecov-html (0.10.2)
    unicode-display_width (1.5.0)

PLATFORMS
  ruby

DEPENDENCIES
  byebug (~> 11.0.1)
  rspec-json_expectations (~> 2.2.0)
  rubocop (~> 0.66.0)
  simplecov (~> 0.12.0)

RUBY VERSION
   ruby 2.6.1p33

BUNDLED WITH
   2.0.2
